GEM
  remote: https://rubygems.org/
  specs:
    coffee-script (2.4.1)
      coffee-script-source
      execjs
    coffee-script-source (1.12.2)
    concurrent-ruby (1.1.7)
    execjs (2.7.0)
    json (1.8.2)
    libv8 (8.4.255.0)
    mini_racer (0.3.1)
      libv8 (~> 8.4.255)
    rack (2.2.3)
    rake (13.0.3)
    sass (3.4.11)
    sprockets (3.7.2)
      concurrent-ruby (~> 1.0)
      rack (> 1, < 3)
    sprockets-standalone (3.0.1)
      rake
      sprockets (~> 3.0)
    terser (1.1.1)
      execjs (>= 0.3.0, < 3)
    uglifier (2.7.0)
      execjs (>= 0.3.0)
      json (>= 1.8.0)

PLATFORMS
  ruby

DEPENDENCIES
  coffee-script
  mini_racer
  rack
  sass
  sprockets (~> 3.0)
  sprockets-standalone
  terser
  uglifier

BUNDLED WITH
   1.17.3
